PATH
  remote: .
  specs:
    hexlet_code (0.1.0)

GEM
  remote: https://rubygems.org/
  specs:
    rake (13.1.0)

PLATFORMS
  x86_64-darwin-22

DEPENDENCIES
  hexlet_code!
  rake (~> 13.0)

BUNDLED WITH
   2.4.10
